GEM
  remote: https://rubygems.org/
  specs:
    activesupport (4.1.7)
      i18n (~> 0.6, >= 0.6.9)
      json (~> 1.7, >= 1.7.7)
      minitest (~> 5.1)
      thread_safe (~> 0.1)
      tzinfo (~> 1.1)
    execjs (2.2.2)
    i18n (0.6.11)
    json (1.8.1)
    minitest (5.4.2)
    morph (0.3.7)
      activesupport (>= 2.0.2)
    rack (1.5.2)
    thread_safe (0.3.4)
    tzinfo (1.2.2)
      thread_safe (~> 0.1)

PLATFORMS
  ruby

DEPENDENCIES
  execjs
  json
  morph
  rack
